GEM
  remote: https://rubygems.org/
  specs:
    bcrypt_pbkdf (1.0.0)
    citrus (3.0.2)
    ffi (1.9.23)
    net-ssh (4.2.0)
    rbnacl (4.0.2)
      ffi
    rbnacl-libsodium (1.0.16)
      rbnacl (>= 3.0.1)
    toml-rb (1.1.1)
      citrus (~> 3.0, > 3.0)

PLATFORMS
  ruby

DEPENDENCIES
  bcrypt_pbkdf
  net-ssh (~> 4.2.0)
  rbnacl (>= 3.2.0, < 5.0)
  rbnacl-libsodium
  toml-rb

BUNDLED WITH
   1.16.0
