GEM
  remote: https://rubygems.org/
  specs:
    bcrypt_pbkdf (1.0.1)
    citrus (3.0.2)
    ed25519 (1.2.4)
    net-ssh (5.2.0)
    toml-rb (1.1.2)
      citrus (~> 3.0, > 3.0)

PLATFORMS
  ruby

DEPENDENCIES
  bcrypt_pbkdf
  ed25519
  net-ssh (~> 5.2.0)
  toml-rb

BUNDLED WITH
   1.17.2
